PATH
  remote: .
  specs:
    memcached (1.8.1.bc2)

GEM
  remote: https://rubygems.org/
  specs:
    activesupport (3.2.6)
      i18n (~> 0.6)
      multi_json (~> 1.0)
    allison (2.0.3)
    dalli (2.6.4)
    date (3.4.1)
    echoe (4.6.6)
      allison (>= 2.0.3)
      rake (>= 0.9.2)
      rdoc (>= 2.5.11)
      rubyforge (>= 2.0.4)
    i18n (0.6.0)
    json_pure (2.8.1)
    memcache-client (1.8.5)
    metaclass (0.0.4)
    mocha (1.0.0)
      metaclass (~> 0.0.1)
    multi_json (1.3.6)
    ostruct (0.6.1)
    psych (5.2.2)
      date
      stringio
    rake (0.9.2.2)
    rdoc (6.10.0)
      psych (>= 4.0.0)
    remix-stash (1.1.3)
    rubyforge (2.0.4)
      json_pure (>= 1.1.7)
    stringio (3.1.2)
    webrick (1.9.1)

PLATFORMS
  ruby

DEPENDENCIES
  activesupport
  dalli (~> 2.6.4)
  echoe (>= 4.6.6)
  memcache-client (~> 1.8.5)
  memcached!
  mocha
  ostruct (~> 0.6.1)
  rake
  remix-stash (~> 1.1.3)
  webrick (~> 1.9)

BUNDLED WITH
   2.5.18
